GEM
  remote: http://rubygems.org/
  specs:
    base64 (0.2.0)
    daemons (1.1.9)
    eventmachine (1.0.3)
    json (1.8.0)
    logger (1.6.1)
    mustermann (3.0.3)
      ruby2_keywords (~> 0.0.1)
    rack (3.1.12)
    rack-protection (4.1.0)
      base64 (>= 0.1.0)
      logger (>= 1.6.0)
      rack (>= 3.0.0, < 4)
    rack-session (2.0.0)
      rack (>= 3.0.0)
    redcarpet (3.0.0)
    ruby2_keywords (0.0.5)
    sinatra (4.1.0)
      logger (>= 1.6.0)
      mustermann (~> 3.0)
      rack (>= 3.0.0, < 4)
      rack-protection (= 4.1.0)
      rack-session (>= 2.0.0, < 3)
      tilt (~> 2.0)
    sinatra-partial (0.4.0)
      sinatra
    thin (1.6.0)
      daemons (>= 1.0.9)
      eventmachine (>= 1.0.0)
      rack (>= 1.5.0)
    tilt (2.4.0)

PLATFORMS
  ruby

DEPENDENCIES
  json
  redcarpet
  sinatra
  sinatra-partial
  thin
